GEM
  remote: https://rubygems.org/
  specs:
    thor (1.0.1)

PLATFORMS
  ruby

DEPENDENCIES
  thor (~> 1.0)

BUNDLED WITH
   2.1.4
